GEM
  remote: https://rubygems.org/
  specs:
    actionmailer (7.1.3.2)
      actionpack (= 7.1.3.2)
      actionview (= 7.1.3.2)
      activejob (= 7.1.3.2)
      activesupport (= 7.1.3.2)
      mail (~> 2.5, >= 2.5.4)
      net-imap
      net-pop
      net-smtp
      rails-dom-testing (~> 2.2)
    actionpack (7.1.3.2)
      actionview (= 7.1.3.2)
      activesupport (= 7.1.3.2)
      nokogiri (>= 1.8.5)
      racc
      rack (>= 2.2.4)
      rack-session (>= 1.0.1)
      rack-test (>= 0.6.3)
      rails-dom-testing (~> 2.2)
      rails-html-sanitizer (~> 1.6)
    actionview (7.1.3.2)
      activesupport (= 7.1.3.2)
      builder (~> 3.1)
      erubi (~> 1.11)
      rails-dom-testing (~> 2.2)
      rails-html-sanitizer (~> 1.6)
    activejob (7.1.3.2)
      activesupport (= 7.1.3.2)
      globalid (>= 0.3.6)
    activesupport (7.1.3.2)
      base64
      bigdecimal
      concurrent-ruby (~> 1.0, >= 1.0.2)
      connection_pool (>= 2.2.5)
      drb
      i18n (>= 1.6, < 2)
      minitest (>= 5.1)
      mutex_m
      tzinfo (~> 2.0)
    addressable (2.8.6)
      public_suffix (>= 2.0.2, < 6.0)
    base64 (0.2.0)
    bigdecimal (3.1.7)
    builder (3.2.4)
    childprocess (5.0.0)
    concurrent-ruby (1.2.3)
    connection_pool (2.4.1)
    crass (1.0.6)
    date (3.3.4)
    drb (2.2.1)
    erubi (1.12.0)
    globalid (1.2.1)
      activesupport (>= 6.1)
    i18n (1.14.4)
      concurrent-ruby (~> 1.0)
    launchy (3.0.0)
      addressable (~> 2.8)
      childprocess (~> 5.0)
    letter_opener (1.10.0)
      launchy (>= 2.2, < 4)
    loofah (2.22.0)
      crass (~> 1.0.2)
      nokogiri (>= 1.12.0)
    mail (2.8.1)
      mini_mime (>= 0.1.1)
      net-imap
      net-pop
      net-smtp
    mini_mime (1.1.5)
    minitest (5.22.3)
    mutex_m (0.2.0)
    net-imap (0.4.10)
      date
      net-protocol
    net-pop (0.1.2)
      net-protocol
    net-protocol (0.2.2)
      timeout
    net-smtp (0.5.0)
      net-protocol
    nokogiri (1.16.4-aarch64-linux)
      racc (~> 1.4)
    nokogiri (1.16.4-arm-linux)
      racc (~> 1.4)
    nokogiri (1.16.4-arm64-darwin)
      racc (~> 1.4)
    nokogiri (1.16.4-x86-linux)
      racc (~> 1.4)
    nokogiri (1.16.4-x86_64-darwin)
      racc (~> 1.4)
    nokogiri (1.16.4-x86_64-linux)
      racc (~> 1.4)
    public_suffix (5.0.5)
    racc (1.7.3)
    rack (3.0.10)
    rack-session (2.0.0)
      rack (>= 3.0.0)
    rack-test (2.1.0)
      rack (>= 1.3)
    rails-dom-testing (2.2.0)
      activesupport (>= 5.0.0)
      minitest
      nokogiri (>= 1.6)
    rails-html-sanitizer (1.6.0)
      loofah (~> 2.21)
      nokogiri (~> 1.14)
    timeout (0.4.1)
    tzinfo (2.0.6)
      concurrent-ruby (~> 1.0)

PLATFORMS
  aarch64-linux
  arm-linux
  arm64-darwin
  x86-linux
  x86_64-darwin
  x86_64-linux

DEPENDENCIES
  actionmailer
  letter_opener (~> 1.10)

BUNDLED WITH
   2.5.9
